GEM
  remote: https://rubygems.org/
  specs:
    activemodel (5.0.1)
      activesupport (= 5.0.1)
    activerecord (5.0.1)
      activemodel (= 5.0.1)
      activesupport (= 5.0.1)
      arel (~> 7.0)
    activesupport (5.0.1)
      concurrent-ruby (~> 1.0, >= 1.0.2)
      i18n (~> 0.7)
      minitest (~> 5.1)
      tzinfo (~> 1.1)
    arel (7.1.4)
    ast (2.3.0)
    backticks (1.0.0)
    choice (0.2.0)
    concurrent-ruby (1.0.4)
    daemons (1.2.4)
    docker-compose (1.1.5)
      backticks (~> 1.0)
    docker-sync (0.3.5)
      daemons (~> 1.2, >= 1.2.3)
      docker-compose (~> 1.0, >= 1.0.2)
      dotenv (~> 2.1, >= 2.1.1)
      gem_update_checker (~> 0.2.0, >= 0.2.0)
      os
      terminal-notifier (= 1.6.3)
      thor (~> 0.19, >= 0.19.0)
    dotenv (2.2.0)
    gem_update_checker (0.2.0)
    homesick (1.1.3)
      thor (>= 0.14.0)
    i18n (0.7.0)
    minitest (5.10.1)
    os (1.0.0)
    parser (2.4.0.0)
      ast (~> 2.2)
    powerpack (0.1.1)
    rails-erd (1.5.0)
      activerecord (>= 3.2)
      activesupport (>= 3.2)
      choice (~> 0.2.0)
      ruby-graphviz (~> 1.2)
    rainbow (2.2.2)
      rake
    rake (12.0.0)
    rubocop (0.48.1)
      parser (>= 2.3.3.1, < 3.0)
      powerpack (~> 0.1)
      rainbow (>= 1.99.1, < 3.0)
      ruby-progressbar (~> 1.7)
      unicode-display_width (~> 1.0, >= 1.0.1)
    rubocop-git (0.1.3)
      rubocop (>= 0.24.1)
    ruby-graphviz (1.2.2)
    ruby-progressbar (1.8.1)
    terminal-notifier (1.6.3)
    thor (0.19.1)
    thread_safe (0.3.5)
    tzinfo (1.2.2)
      thread_safe (~> 0.1)
    unicode-display_width (1.2.1)

PLATFORMS
  ruby

DEPENDENCIES
  bundler
  docker-sync
  homesick
  rails-erd
  rubocop
  rubocop-git

BUNDLED WITH
   1.14.6
